PATH
  remote: .
  specs:
    active_record_query_trace (1.5.4)
      activerecord (>= 3.0.0, < 4.0.0)

GEM
  remote: http://rubygems.org/
  specs:
    activemodel (3.2.22.5)
      activesupport (= 3.2.22.5)
      builder (~> 3.0.0)
    activerecord (3.2.22.5)
      activemodel (= 3.2.22.5)
      activesupport (= 3.2.22.5)
      arel (~> 3.0.2)
      tzinfo (~> 0.3.29)
    activesupport (3.2.22.5)
      i18n (~> 0.6, >= 0.6.4)
      multi_json (~> 1.0)
    arel (3.0.3)
    builder (3.0.4)
    concurrent-ruby (1.0.5)
    concurrent-ruby (1.0.5-java)
    i18n (0.9.5)
      concurrent-ruby (~> 1.0)
    multi_json (1.13.1)
    tzinfo (0.3.54)

PLATFORMS
  java
  ruby

DEPENDENCIES
  active_record_query_trace!

BUNDLED WITH
   1.16.2
