PATH
  remote: .
  specs:
    active_record_query_trace (1.5.4)
      activerecord (>= 3.0.0, < 5.0.0)

GEM
  remote: http://rubygems.org/
  specs:
    activemodel (4.0.13)
      activesupport (= 4.0.13)
      builder (~> 3.1.0)
    activerecord (4.0.13)
      activemodel (= 4.0.13)
      activerecord-deprecated_finders (~> 1.0.2)
      activesupport (= 4.0.13)
      arel (~> 4.0.0)
    activerecord-deprecated_finders (1.0.4)
    activesupport (4.0.13)
      i18n (~> 0.6, >= 0.6.9)
      minitest (~> 4.2)
      multi_json (~> 1.3)
      thread_safe (~> 0.1)
      tzinfo (~> 0.3.37)
    arel (4.0.2)
    builder (3.1.4)
    i18n (0.7.0)
    minitest (4.7.5)
    multi_json (1.12.1)
    thread_safe (0.3.5)
    tzinfo (0.3.52)

PLATFORMS
  ruby

DEPENDENCIES
  active_record_query_trace!

BUNDLED WITH
   1.11.2
